GEM
  remote: https://rubygems.org/
  specs:
    concurrent-ruby (1.1.8)
    hanami-controller (1.3.3)
      hanami-utils (~> 1.3)
      rack (~> 2.0)
    hanami-router (1.3.2)
      hanami-utils (~> 1.3)
      http_router (= 0.11.2)
      rack (~> 2.0)
    hanami-utils (1.3.8)
      concurrent-ruby (~> 1.0)
      transproc (~> 1.0)
    http_router (0.11.2)
      rack (>= 1.0.0)
      url_mount (~> 0.2.1)
    json (2.3.0)
    net-smtp (0.1.0)
    pg (1.2.3-x64-mingw32)
    rack (2.2.3)
    rack-cors (1.1.1)
      rack (>= 2.0.0)
    ruby_http_client (3.5.2)
    sendgrid-ruby (6.4.0)
      ruby_http_client (~> 3.4)
    transproc (1.1.1)
    url_mount (0.2.1)
      rack

PLATFORMS
  x64-mingw32

DEPENDENCIES
  hanami-controller
  hanami-router
  json
  net-smtp
  pg
  rack
  rack-cors
  sendgrid-ruby

BUNDLED WITH
   2.1.4
